{
	"Modality": "MR",
	"TaskName": "open",
	"MagneticFieldStrength": 3,
	"Manufacturer": "Siemens",
	"ManufacturersModelName": "Prisma",
	"InstitutionName": "BU",
	"InstitutionalDepartmentName": "Research",
	"InstitutionAddress": "Commonwealth_Ave._610_Boston_Massachusetts_US_02215",
	"DeviceSerialNumber": "166024",
	"StationName": "AWP166024-4CA74C",
	"BodyPartExamined": "BRAIN",
	"PatientPosition": "HFS",
	"ProcedureStepDescription": "INVESTIGATORS_Ling",
	"SoftwareVersions": "syngo_MR_E11",
	"MRAcquisitionType": "2D",
	"SeriesDescription": "SleepLum_Cmrr_2mm_S5p2_TR1s_TE30",
	"ProtocolName": "SleepLum_Cmrr_2mm_S5p2_TR1s_TE30",
	"ScanningSequence": "EP",
	"SequenceVariant": "SK_SS",
	"ScanOptions": "FS",
	"SequenceName": "epfid2d1_104",
	"ImageType": ["ORIGINAL", "PRIMARY", "M", "MB", "ND", "NORM", "MOSAIC"],
	"SeriesNumber": 32,
	"AcquisitionTime": "10:51:26.410000",
	"AcquisitionNumber": 1,
	"ImageComments": "Unaliased_MB5_PE4_LB",
	"SliceThickness": 2,
	"SpacingBetweenSlices": 2,
	"SAR": 0.103295,
	"EchoTime": 0.03,
	"RepetitionTime": 1,
	"FlipAngle": 64,
	"PartialFourier": 1,
	"BaseResolution": 104,
	"ShimSetting": [
		-1012,
		-6574,
		3673,
		303,
		-118,
		-189,
		1,
		36	],
	"TxRefAmp": 271.101,
	"PhaseResolution": 1,
	"ReceiveCoilName": "HeadNeck_64",
	"ReceiveCoilActiveElements": "HC1-7;NC1",
	"PulseSequenceDetails": "%CustomerSeq%_cmrr_mbep2d_bold",
	"ConsistencyInfo": "N4_VE11C_LATEST_20160120",
	"MultibandAccelerationFactor": 5,
	"PercentPhaseFOV": 100,
	"EchoTrainLength": 51,
	"PhaseEncodingSteps": 103,
	"AcquisitionMatrixPE": 104,
	"ReconMatrixPE": 104,
	"BandwidthPerPixelPhaseEncode": 28.703,
	"ParallelReductionFactorInPlane": 2,
	"EffectiveEchoSpacing": 0.000334996,
	"DerivedVendorReportedEchoSpacing": 0.000669992,
	"TotalReadoutTime": 0.0345046,
	"PixelBandwidth": 1780,
	"DwellTime": 2.7e-06,
	"PhaseEncodingDirection": "j-",
	"SliceTiming": [
		0,
		0.21,
		0.42,
		0.63,
		0.84,
		0.07,
		0.28,
		0.49,
		0.7,
		0.91,
		0.14,
		0.35,
		0.56,
		0.77,
		0,
		0.21,
		0.42,
		0.63,
		0.84,
		0.07,
		0.28,
		0.49,
		0.7,
		0.91,
		0.14,
		0.35,
		0.56,
		0.77,
		0,
		0.21,
		0.42,
		0.63,
		0.84,
		0.07,
		0.28,
		0.49,
		0.7,
		0.91,
		0.14,
		0.35,
		0.56,
		0.77,
		0,
		0.21,
		0.42,
		0.63,
		0.84,
		0.07,
		0.28,
		0.49,
		0.7,
		0.91,
		0.14,
		0.35,
		0.56,
		0.77,
		0,
		0.21,
		0.42,
		0.63,
		0.84,
		0.07,
		0.28,
		0.49,
		0.7,
		0.91,
		0.14,
		0.35,
		0.56,
		0.77	],
	"ImageOrientationPatientDICOM": [
		0.993525,
		-0.080602,
		0.0800754,
		0.104774,
		0.922567,
		-0.371338	],
	"InPlanePhaseEncodingDirectionDICOM": "COL",
	"ConversionSoftware": "dcm2niix",
	"ConversionSoftwareVersion": "v1.0.20180622 (JP2:OpenJPEG) (JP-LS:CharLS) GCC5.5.0"
}
