{
	"Modality": "MR",
	"MagneticFieldStrength": 3,
	"Manufacturer": "Siemens",
	"ManufacturersModelName": "Prisma",
	"InstitutionName": "BU",
	"InstitutionalDepartmentName": "Research",
	"InstitutionAddress": "Commonwealth_Ave._610_Boston_Massachusetts_US_02215",
	"DeviceSerialNumber": "166024",
	"StationName": "AWP166024-4CA74C",
	"BodyPartExamined": "BRAIN",
	"PatientPosition": "HFS",
	"ProcedureStepDescription": "INVESTIGATORS_Ling",
	"SoftwareVersions": "syngo_MR_E11",
	"MRAcquisitionType": "3D",
	"SeriesDescription": "T1_MEMPRAGE_1.2mm_p4_RMS",
	"ProtocolName": "T1_MEMPRAGE_1.2mm_p4",
	"ScanningSequence": "GR_IR",
	"SequenceVariant": "SK_SP_MP",
	"ScanOptions": "IR_PFP",
	"SequenceName": "tfl3d4_16ns",
	"ImageType": ["ORIGINAL", "PRIMARY", "OTHER", "ND", "NORM", "MEAN"],
	"SeriesNumber": 8,
	"AcquisitionTime": "09:30:29.067500",
	"AcquisitionNumber": 1,
	"SliceThickness": 1.2,
	"SAR": 0.0346306,
	"EchoTime": 0.00157,
	"RepetitionTime": 2.2,
	"InversionTime": 1.1,
	"FlipAngle": 7,
	"PartialFourier": 0.75,
	"BaseResolution": 192,
	"ShimSetting": [
		-1013,
		-6588,
		3592,
		304,
		-69,
		-384,
		-33,
		-6	],
	"TxRefAmp": 213.117,
	"PhaseResolution": 1,
	"ReceiveCoilName": "HeadNeck_64",
	"ReceiveCoilActiveElements": "HC1-7;NC1",
	"PulseSequenceDetails": "%CustomerSeq%_tfl_mgh_epinav_ABCD",
	"ConsistencyInfo": "N4_VE11C_LATEST_20160120",
	"PercentPhaseFOV": 100,
	"PhaseEncodingSteps": 145,
	"AcquisitionMatrixPE": 192,
	"ReconMatrixPE": 192,
	"ParallelReductionFactorInPlane": 4,
	"PixelBandwidth": 650,
	"DwellTime": 4e-06,
	"ImageOrientationPatientDICOM": [
		0.0997564,
		0.995003,
		0.00417927,
		0.067537,
		-0.00258043,
		-0.997713	],
	"InPlanePhaseEncodingDirectionDICOM": "ROW",
	"ConversionSoftware": "dcm2niix",
	"ConversionSoftwareVersion": "v1.0.20180622 (JP2:OpenJPEG) (JP-LS:CharLS) GCC5.5.0"
}
